GIT
  remote: git://github.com/melezhik/simple_console.git
  revision: c47d6135f1446745b978c587cc1c30342178dfdb
  specs:
    simple_console (0.0.1)
      logger
      term-ansicolor

GEM
  remote: http://rubygems.org/
  specs:
    jenkins-plugin-runtime (0.2.3)
      json
      slop (~> 3.0.2)
    json (1.7.7)
    json (1.7.7-java)
    logger (1.2.8)
    slop (3.0.4)
    term-ansicolor (1.1.1)

PLATFORMS
  java
  ruby

DEPENDENCIES
  jenkins-plugin-runtime (~> 0.2.3)
  simple_console!
